GEM
  remote: http://rubygems.org/
  specs:
    closure-compiler (1.1.5)
    coffee-script (2.2.0)
      coffee-script-source
      execjs
    coffee-script-source (1.2.0)
    execjs (1.3.0)
      multi_json (~> 1.0)
    multi_json (1.0.4)
    rake (0.9.2.2)

PLATFORMS
  ruby

DEPENDENCIES
  closure-compiler
  coffee-script
  rake
